PATH
  remote: .
  specs:
    twenty (0.5.8)
      twenty-cli (= 0.5.8)
      twenty-client (= 0.5.8)
      twenty-server (= 0.5.8)

PATH
  remote: cli
  specs:
    twenty-cli (0.5.8)
      cmd.rb (~> 0.5)
      paint (~> 2.3)

PATH
  remote: client
  specs:
    twenty-client (0.5.8)

PATH
  remote: server
  specs:
    twenty-server (0.5.8)
      graphql (~> 2.2)
      sequel (~> 5.78)
      server.rb (~> 0.3)
      sqlite3 (~> 1.6)

GEM
  remote: https://rubygems.org/
  specs:
    base64 (0.2.0)
    bigdecimal (3.1.7)
    cli-option_parser.rb (0.6.0)
    cmd.rb (0.5.1)
      cli-option_parser.rb (~> 0.6)
      ryo.rb (~> 0.5)
    ffi (1.16.3)
    graphql (2.3.2)
      base64
    listen (3.9.0)
      rb-fsevent (~> 0.10, >= 0.10.3)
      rb-inotify (~> 0.9, >= 0.9.10)
    mini_portile2 (2.8.6)
    nio4r (2.7.3)
    paint (2.3.0)
    puma (6.4.2)
      nio4r (~> 2.0)
    rack (3.1.7)
    rake (13.2.1)
    rb-fsevent (0.11.2)
    rb-inotify (0.10.1)
      ffi (~> 1.0)
    ryo.rb (0.5.5)
    sequel (5.80.0)
      bigdecimal
    server.rb (0.3.0)
      puma (~> 6.3)
      rack (~> 3.0)
    sqlite3 (1.7.3)
      mini_portile2 (~> 2.8.0)

PLATFORMS
  amd64-freebsd-14
  x86_64-openbsd

DEPENDENCIES
  listen
  rake (~> 13.2)
  twenty!
  twenty-cli!
  twenty-client!
  twenty-server!

BUNDLED WITH
   2.5.9
