PATH
  remote: .
  specs:
    twenty-cli (0.5.8)
      cmd.rb (~> 0.5)
      paint (~> 2.3)

GEM
  remote: https://rubygems.org/
  specs:
    ast (2.4.2)
    cli-option_parser.rb (0.6.0)
    cmd.rb (0.5.0)
      cli-option_parser.rb (~> 0.6)
      ryo.rb (~> 0.4)
    json (2.7.1)
    language_server-protocol (3.17.0.3)
    lint_roller (1.1.0)
    paint (2.3.0)
    parallel (1.24.0)
    parser (3.3.0.5)
      ast (~> 2.4.1)
      racc
    power_assert (2.0.3)
    racc (1.7.3)
    rainbow (3.1.1)
    redcarpet (3.6.0)
    regexp_parser (2.9.0)
    rexml (3.2.8)
      strscan (>= 3.0.9)
    rubocop (1.62.1)
      json (~> 2.3)
      language_server-protocol (>= 3.17.0)
      parallel (~> 1.10)
      parser (>= 3.3.0.2)
      rainbow (>= 2.2.2, < 4.0)
      regexp_parser (>= 1.8, < 3.0)
      rexml (>= 3.2.5, < 4.0)
      rubocop-ast (>= 1.31.1, < 2.0)
      ruby-progressbar (~> 1.7)
      unicode-display_width (>= 2.4.0, < 3.0)
    rubocop-ast (1.31.2)
      parser (>= 3.3.0.4)
    rubocop-performance (1.20.2)
      rubocop (>= 1.48.1, < 2.0)
      rubocop-ast (>= 1.30.0, < 2.0)
    ruby-progressbar (1.13.0)
    ryo.rb (0.5.1)
    standard (1.35.1)
      language_server-protocol (~> 3.17.0.2)
      lint_roller (~> 1.0)
      rubocop (~> 1.62.0)
      standard-custom (~> 1.0.0)
      standard-performance (~> 1.3)
    standard-custom (1.0.2)
      lint_roller (~> 1.0)
      rubocop (~> 1.50)
    standard-performance (1.3.1)
      lint_roller (~> 1.1)
      rubocop-performance (~> 1.20.2)
    strscan (3.1.0)
    test-unit (3.5.9)
      power_assert
    unicode-display_width (2.5.0)
    yard (0.9.36)

PLATFORMS
  amd64-freebsd-14
  x86_64-openbsd

DEPENDENCIES
  redcarpet (~> 3.5)
  standard (~> 1.35)
  test-unit (~> 3.5.7)
  twenty-cli!
  yard (~> 0.9)

BUNDLED WITH
   2.5.3
